GEM
  remote: http://rubygems.org/
  specs:
    crack (0.1.8)
    httparty (0.4.5)
      crack (>= 0.1.1)
    i18n (0.6.0)
    mail (2.3.0)
      i18n (>= 0.4.0)
      mime-types (~> 1.16)
      treetop (~> 1.4.8)
    mime-types (1.16)
    notifo (0.1.0)
      httparty (~> 0.4.5)
    polyglot (0.3.2)
    pony (1.3)
      mail (> 2.0)
    rack (1.3.2)
    sinatra (1.2.6)
      rack (~> 1.1)
      tilt (< 2.0, >= 1.2.2)
    tilt (1.3.3)
    treetop (1.4.10)
      polyglot
      polyglot (>= 0.3.1)

PLATFORMS
  ruby

DEPENDENCIES
  notifo
  pony
  sinatra
